GEM
  remote: https://rubygems.org/
  specs:
    pg (1.5.9)

PLATFORMS
  ruby

DEPENDENCIES
  pg (~> 1.5)

BUNDLED WITH
   1.17.2
